GEM
  remote: https://rubygems.org/
  specs:
    barnes (0.0.9)
      multi_json (~> 1)
      statsd-ruby (~> 1.1)
    json (2.5.1)
    mime-types (3.3.1)
      mime-types-data (~> 3.2015)
    mime-types-data (3.2021.0225)
    multi_json (1.15.0)
    oauth (0.5.6)
    redis (4.6.0)
    rexml (3.2.5)
    statsd-ruby (1.5.0)
    twitter_oauth (0.4.94)
      json (>= 1.8.0)
      mime-types (>= 1.16)
      oauth (>= 0.4.7)

PLATFORMS
  ruby

DEPENDENCIES
  barnes (~> 0.0.9)
  redis (~> 4.6.0)
  rexml (~> 3.2.5)
  twitter_oauth (~> 0.4.94)

RUBY VERSION
   ruby 3.0.1p64

BUNDLED WITH
   2.2.16
