GEM
  remote: https://rubygems.org/
  specs:
    foreman (0.78.0)
      thor (~> 0.19.1)
    json (1.8.1)
    mime-types (2.0)
    oauth (0.4.7)
    redis (3.2.1)
    thor (0.19.1)
    twitter_oauth (0.4.94)
      json (>= 1.8.0)
      mime-types (>= 1.16)
      oauth (>= 0.4.7)

PLATFORMS
  ruby

DEPENDENCIES
  foreman (= 0.78.0)
  redis (= 3.2.1)
  twitter_oauth (= 0.4.94)
