GEM
  remote: https://rubygems.org/
  specs:
    foreman (0.84.0)
      thor (~> 0.19.1)
    json (2.1.0)
    mime-types (3.1)
      mime-types-data (~> 3.2015)
    mime-types-data (3.2016.0521)
    oauth (0.5.4)
    redis (4.1.1)
    thor (0.19.4)
    twitter_oauth (0.4.94)
      json (>= 1.8.0)
      mime-types (>= 1.16)
      oauth (>= 0.4.7)

PLATFORMS
  ruby

DEPENDENCIES
  foreman (~> 0.84.0)
  redis (~> 4.1.1)
  twitter_oauth (~> 0.4.94)

RUBY VERSION
   ruby 2.6.3p62

BUNDLED WITH
   1.17.2
