GEM
  remote: https://rubygems.org/
  specs:
    foreman (0.78.0)
      thor (~> 0.19.1)
    json (1.8.3)
    mime-types (3.0)
      mime-types-data (~> 3.2015)
    mime-types-data (3.2016.0521)
    oauth (0.5.1)
    redis (3.2.2)
    thor (0.19.1)
    twitter_oauth (0.4.94)
      json (>= 1.8.0)
      mime-types (>= 1.16)
      oauth (>= 0.4.7)

PLATFORMS
  ruby

DEPENDENCIES
  foreman (~> 0.78.0)
  redis (~> 3.2.1)
  twitter_oauth (~> 0.4.94)

BUNDLED WITH
   1.10.6
