GEM
  remote: https://rubygems.org/
  specs:
    ast (2.4.2)
    barnes (0.0.9)
      multi_json (~> 1)
      statsd-ruby (~> 1.1)
    concurrent-ruby (1.1.9)
    diff-lcs (1.5.0)
    json (2.5.1)
    mime-types (3.3.1)
      mime-types-data (~> 3.2015)
    mime-types-data (3.2021.0225)
    multi_json (1.15.0)
    oauth (0.5.6)
    parallel (1.21.0)
    parser (3.1.0.0)
      ast (~> 2.4.1)
    rainbow (3.1.1)
    redis (4.6.0)
    regexp_parser (2.2.0)
    rexml (3.2.5)
    rspec (3.11.0)
      rspec-core (~> 3.11.0)
      rspec-expectations (~> 3.11.0)
      rspec-mocks (~> 3.11.0)
    rspec-core (3.11.0)
      rspec-support (~> 3.11.0)
    rspec-expectations (3.11.0)
      diff-lcs (>= 1.2.0, < 2.0)
      rspec-support (~> 3.11.0)
    rspec-mocks (3.11.0)
      diff-lcs (>= 1.2.0, < 2.0)
      rspec-support (~> 3.11.0)
    rspec-support (3.11.0)
    rubocop (1.25.1)
      parallel (~> 1.10)
      parser (>= 3.1.0.0)
      rainbow (>= 2.2.2, < 4.0)
      regexp_parser (>= 1.8, < 3.0)
      rexml
      rubocop-ast (>= 1.15.1, < 2.0)
      ruby-progressbar (~> 1.7)
      unicode-display_width (>= 1.4.0, < 3.0)
    rubocop-ast (1.15.1)
      parser (>= 3.0.1.1)
    rubocop-performance (1.13.2)
      rubocop (>= 1.7.0, < 2.0)
      rubocop-ast (>= 0.4.0)
    rubocop-rspec (2.8.0)
      rubocop (~> 1.19)
    rubocop-rubycw (0.1.6)
      rubocop (~> 1.0)
    ruby-progressbar (1.11.0)
    sentry-ruby (5.1.0)
      concurrent-ruby (~> 1.0, >= 1.0.2)
      sentry-ruby-core (= 5.1.0)
    sentry-ruby-core (5.1.0)
      concurrent-ruby
    statsd-ruby (1.5.0)
    twitter_oauth (0.4.94)
      json (>= 1.8.0)
      mime-types (>= 1.16)
      oauth (>= 0.4.7)
    unicode-display_width (2.1.0)

PLATFORMS
  ruby

DEPENDENCIES
  barnes (~> 0.0.9)
  redis (~> 4.6.0)
  rexml (~> 3.2.5)
  rspec
  rubocop
  rubocop-performance
  rubocop-rspec
  rubocop-rubycw
  sentry-ruby
  twitter_oauth (~> 0.4.94)

RUBY VERSION
   ruby 3.1.0p0

BUNDLED WITH
   2.2.16
