GEM
  remote: https://rubygems.org/
  specs:
    foreman (0.62.0)
      thor (>= 0.13.6)
    googl (0.6.3)
      httparty (~> 0.10.0)
      json (>= 1.4.6)
    httparty (0.10.2)
      multi_json (~> 1.0)
      multi_xml (>= 0.5.2)
    json (1.7.7)
    mime-types (1.22)
    multi_json (1.7.2)
    multi_xml (0.5.3)
    oauth (0.4.7)
    redis (3.0.3)
    thor (0.18.1)
    twitter_oauth (0.4.3)
      json (>= 1.1.9)
      mime-types (>= 1.16)
      oauth (>= 0.4.1)

PLATFORMS
  ruby

DEPENDENCIES
  foreman (= 0.62.0)
  googl (= 0.6.3)
  redis (= 3.0.3)
  twitter_oauth (= 0.4.3)
