GEM
  remote: http://rubygems.org/
  specs:
    googl (0.6.3)
      httparty (~> 0.10.0)
      json (>= 1.4.6)
    httparty (0.10.0)
      multi_json (~> 1.0)
      multi_xml
    json (1.5.3)
    mime-types (1.16)
    multi_json (1.5.0)
    multi_xml (0.5.2)
    oauth (0.4.5)
    twitter_oauth (0.4.3)
      json (>= 1.1.9)
      mime-types (>= 1.16)
      oauth (>= 0.4.1)

PLATFORMS
  ruby

DEPENDENCIES
  googl (= 0.6.3)
  twitter_oauth (= 0.4.3)
