GEM
  remote: https://rubygems.org/
  specs:
    dotenv (0.9.0)
    foreman (0.63.0)
      dotenv (>= 0.7)
      thor (>= 0.13.6)
    json (1.8.1)
    mime-types (2.0)
    oauth (0.4.7)
    redis (3.0.6)
    thor (0.18.1)
    twitter_oauth (0.4.94)
      json (>= 1.8.0)
      mime-types (>= 1.16)
      oauth (>= 0.4.7)

PLATFORMS
  ruby

DEPENDENCIES
  foreman (= 0.63.0)
  redis (= 3.0.6)
  twitter_oauth (= 0.4.94)
