GEM
  remote: https://rubygems.org/
  specs:
    barnes (0.0.7)
      multi_json (~> 1)
      statsd-ruby (~> 1.1)
    json (2.1.0)
    mime-types (3.1)
      mime-types-data (~> 3.2015)
    mime-types-data (3.2016.0521)
    multi_json (1.13.1)
    oauth (0.5.4)
    redis (4.1.1)
    statsd-ruby (1.4.0)
    twitter_oauth (0.4.94)
      json (>= 1.8.0)
      mime-types (>= 1.16)
      oauth (>= 0.4.7)

PLATFORMS
  ruby

DEPENDENCIES
  barnes (~> 0.0.7)
  redis (~> 4.1.1)
  twitter_oauth (~> 0.4.94)

RUBY VERSION
   ruby 2.6.3p62

BUNDLED WITH
   1.17.2
