GEM
  remote: http://rubygems.org/
  specs:
    crack (0.1.8)
    googl (0.5.0)
      httparty (>= 0.6.1)
      json (>= 1.4.6)
    httparty (0.7.8)
      crack (= 0.1.8)
    json (1.5.3)
    mime-types (1.16)
    oauth (0.4.5)
    twitter_oauth (0.4.3)
      json (>= 1.1.9)
      mime-types (>= 1.16)
      oauth (>= 0.4.1)

PLATFORMS
  ruby

DEPENDENCIES
  googl (= 0.5.0)
  twitter_oauth (= 0.4.3)
